GEM
  remote: https://rubygems.org/
  specs:
    activemodel (5.2.8.1)
      activesupport (= 5.2.8.1)
    activerecord (5.2.8.1)
      activemodel (= 5.2.8.1)
      activesupport (= 5.2.8.1)
      arel (>= 9.0)
    activesupport (5.2.8.1)
      concurrent-ruby (~> 1.0, >= 1.0.2)
      i18n (>= 0.7, < 2)
      minitest (~> 5.1)
      tzinfo (~> 1.1)
    arel (9.0.0)
    backports (3.17.1)
    concurrent-ruby (1.1.10)
    i18n (1.11.0)
      concurrent-ruby (~> 1.0)
    minitest (5.16.2)
    multi_json (1.14.1)
    mustermann (1.1.1)
      ruby2_keywords (~> 0.0.1)
    rack (2.2.2)
    rack-protection (2.0.8.1)
      rack
    rake (13.0.1)
    ruby2_keywords (0.0.2)
    sinatra (2.0.8.1)
      mustermann (~> 1.0)
      rack (~> 2.0)
      rack-protection (= 2.0.8.1)
      tilt (~> 2.0)
    sinatra-activerecord (2.0.18)
      activerecord (>= 4.1)
      sinatra (>= 1.0)
    sinatra-contrib (2.0.8.1)
      backports (>= 2.8.2)
      multi_json
      mustermann (~> 1.0)
      rack-protection (= 2.0.8.1)
      sinatra (= 2.0.8.1)
      tilt (~> 2.0)
    sqlite3 (1.3.13)
    thread_safe (0.3.6)
    tilt (2.0.10)
    tzinfo (1.2.9)
      thread_safe (~> 0.1)

PLATFORMS
  ruby

DEPENDENCIES
  activerecord (~> 5.2)
  rake
  sinatra
  sinatra-activerecord
  sinatra-contrib
  sqlite3 (~> 1.3.6)

RUBY VERSION
   ruby 2.6.5p114

BUNDLED WITH
   2.1.4
